NUGET
  remote: https://www.nuget.org/api/v2
    FAKE (3.23)
    FSharp.Management (0.2)
    Microsoft.AspNet.Razor (3.2.2) - framework: >= net10
    MSBuild.Microsoft.VisualStudio.Web.targets (14.0.0.3)
    Nancy (1.1)
    Nancy.Hosting.Aspnet (1.1)
      Nancy (>= 1.1)
    Nancy.Viewengines.Razor (1.1)
      Microsoft.AspNet.Razor  - framework: net10, net11, net20, net30, net35
      Microsoft.AspNet.Razor (>= 2.0.30506) - framework: >= net40
      Nancy (>= 1.1)
